GEM
  remote: http://rubygems.org/
  specs:
    tts (0.7.0)

PLATFORMS
  ruby

DEPENDENCIES
  tts (~> 0.7.0)

RUBY VERSION
   ruby 2.3.1p112

BUNDLED WITH
   1.13.1
